PATH
  remote: .
  specs:
    component_embedded_ruby (0.1.0)

GEM
  remote: https://rubygems.org/
  specs:
    coderay (1.1.2)
    method_source (0.9.2)
    minitest (5.11.3)
    pry (0.12.2)
      coderay (~> 1.1.0)
      method_source (~> 0.9.0)
    rake (13.0.1)

PLATFORMS
  ruby

DEPENDENCIES
  bundler (~> 1.17)
  component_embedded_ruby!
  minitest (~> 5.0)
  pry (~> 0.12.2)
  rake (~> 13.0)

BUNDLED WITH
   1.17.2
